GEM
  remote: http://rubygems.org/
  specs:
    minitest (4.7.5)
    rake (12.3.3)

PLATFORMS
  ruby

DEPENDENCIES
  minitest (~> 4.0)
  rake (= 12.3.3)
