GEM
  remote: http://rubygems.org/
  specs:
    minitest (5.0.6)
    rake (0.9.2.2)

PLATFORMS
  ruby
  x86-mingw32

DEPENDENCIES
  minitest
  rake
